GEM
  remote: https://rubygems.org/
  specs:
    connection_pool (2.2.2)
    rack (2.0.5)
    rack-protection (2.0.3)
      rack
    redis (4.0.1)
    sidekiq (5.2.0)
      connection_pool (~> 2.2, >= 2.2.2)
      rack-protection (>= 1.5.0)
      redis (>= 3.3.5, < 5)

PLATFORMS
  ruby

DEPENDENCIES
  sidekiq

BUNDLED WITH
   1.16.3
